GEM
  remote: https://rubygems.org/
  specs:
    addressable (2.3.5)
    async_sinatra (1.1.0)
      rack (>= 1.4.1)
      sinatra (>= 1.3.2)
    aws-sdk (1.35.0)
      json (~> 1.4)
      nokogiri (>= 1.4.4)
      uuidtools (~> 2.1)
    commonjs (0.2.7)
    daemons (1.1.9)
    diff-lcs (1.2.5)
    eventmachine (1.0.3)
    excon (0.32.0)
    ffi (1.8.1)
    json (1.8.0)
    launchy (2.4.2)
      addressable (~> 2.3)
    less (2.4.0)
      commonjs (~> 0.2.7)
    libv8 (3.16.14.3)
    listen (1.1.3)
      rb-fsevent (>= 0.9.3)
      rb-inotify (>= 0.9)
      rb-kqueue (>= 0.2)
    mortar (0.15.0)
      launchy (~> 2.1)
      mortar-api-ruby (~> 0.8.0)
      netrc (~> 0.7)
      parseconfig (~> 1.0.2)
      rdoc (>= 4.0.0)
    mortar-api-ruby (0.8.0)
      excon (~> 0.28)
    netrc (0.7.7)
    nokogiri (1.5.11)
    parseconfig (1.0.4)
    rack (1.5.2)
    rack-protection (1.5.2)
      rack
    rake (10.0.4)
    rb-fchange (0.0.6)
      ffi
    rb-fsevent (0.9.3)
    rb-inotify (0.9.0)
      ffi (>= 0.5.0)
    rb-kqueue (0.2.0)
      ffi (>= 0.5.0)
    rdoc (4.1.1)
      json (~> 1.4)
    ref (1.0.5)
    rr (1.1.2)
    rspec (2.14.1)
      rspec-core (~> 2.14.0)
      rspec-expectations (~> 2.14.0)
      rspec-mocks (~> 2.14.0)
    rspec-core (2.14.7)
    rspec-expectations (2.14.5)
      diff-lcs (>= 1.1.3, < 2.0)
    rspec-mocks (2.14.6)
    sinatra (1.4.4)
      rack (~> 1.4)
      rack-protection (~> 1.4)
      tilt (~> 1.3, >= 1.3.4)
    therubyracer (0.12.1)
      libv8 (~> 3.16.14.0)
      ref
    thin (1.5.1)
      daemons (>= 1.0.9)
      eventmachine (>= 0.12.6)
      rack (>= 1.0.0)
    tilt (1.4.1)
    uuidtools (2.1.4)

PLATFORMS
  ruby

DEPENDENCIES
  async_sinatra
  aws-sdk
  eventmachine
  json
  less
  listen
  mortar
  nokogiri (~> 1.5.0)
  rake
  rb-fchange
  rb-fsevent
  rb-inotify
  rr
  rspec
  therubyracer
  thin
